GEM
  remote: https://rubygems.org/
  specs:
    rake (0.9.6)
    rly (0.2.3)

PLATFORMS
  ruby

DEPENDENCIES
  rake
  rly
